PATH
  remote: .
  specs:
    openshift-sdk (0.0.1)
      activemodel (~> 3.0.9)
      highline (~> 1.6.2)
      json_pure (>= 1.4.4, < 1.5.1)
      parseconfig (~> 0.5.2)
      sqlite3 (~> 1.3.4)
      state_machine (~> 1.0.2)

GEM
  remote: http://rubygems.org/
  specs:
    activemodel (3.0.9)
      activesupport (= 3.0.9)
      builder (~> 2.1.2)
      i18n (~> 0.5.0)
    activesupport (3.0.9)
    builder (2.1.2)
    highline (1.6.2)
    i18n (0.5.0)
    json_pure (1.5.0)
    mocha (0.9.12)
    parseconfig (0.5.2)
    sqlite3 (1.3.4)
    state_machine (1.0.2)

PLATFORMS
  ruby

DEPENDENCIES
  mocha (~> 0.9.12)
  openshift-sdk!
