PATH
  remote: .
  specs:
    vostok-sdk (0.0.1)
      highline (~> 1.6.2)
      json_pure (>= 1.4.4, < 1.5.1)
      parseconfig (~> 0.5.2)
      statemachine (= 1.2.0)

GEM
  remote: http://rubygems.org/
  specs:
    highline (1.6.2)
    json_pure (1.5.0)
    parseconfig (0.5.2)
    statemachine (1.2.0)

PLATFORMS
  ruby

DEPENDENCIES
  vostok-sdk!
