PATH
  remote: .
  specs:
    openshift-sdk (0.1.8)
      activemodel (= 3.0.5)
      highline (= 1.5.1)
      json_pure (= 1.4.6)
      parseconfig (= 0.5.2)
      sqlite3 (= 1.3.3)
      state_machine (= 1.0.1)

GEM
  remote: http://rubygems.org/
  specs:
    activemodel (3.0.5)
      activesupport (= 3.0.5)
      builder (~> 2.1.2)
      i18n (~> 0.4)
    activesupport (3.0.5)
    builder (2.1.2)
    highline (1.5.1)
    i18n (0.6.0)
    json_pure (1.4.6)
    mocha (0.9.8)
      rake
    parseconfig (0.5.2)
    rake (0.9.2)
    sqlite3 (1.3.3)
    state_machine (1.0.1)

PLATFORMS
  ruby

DEPENDENCIES
  mocha (= 0.9.8)
  openshift-sdk!
  rake (= 0.9.2)
